GEM
  remote: https://rubygems.org/
  specs:
    addressable (2.4.0)
    buffer (0.1.2)
      addressable
      environs
      faraday
      faraday_middleware
      hashie
      multi_json
      rake
      yajl-ruby
    environs (1.1.0)
    excon (0.52.0)
    faraday (0.9.2)
      multipart-post (>= 1.2, < 3)
    faraday_middleware (0.10.0)
      faraday (>= 0.7.4, < 0.10)
    hashie (3.4.4)
    mini_portile2 (2.1.0)
    multi_json (1.12.1)
    multipart-post (2.0.0)
    nokogiri (1.6.8)
      mini_portile2 (~> 2.1.0)
      pkg-config (~> 1.1.7)
    pkg-config (1.1.7)
    rake (11.2.2)
    yajl-ruby (1.2.1)

PLATFORMS
  ruby

DEPENDENCIES
  buffer (~> 0.1.2)
  excon (~> 0.52.0)
  nokogiri (~> 1.6.8)

BUNDLED WITH
   1.12.4
